PATH
  remote: .
  specs:
    truck (0.0.0)
      faraday (~> 0.9.0)

GEM
  remote: https://rubygems.org/
  specs:
    addressable (2.3.8)
    ansi (1.5.0)
    builder (3.2.2)
    crack (0.4.2)
      safe_yaml (~> 1.0.0)
    faraday (0.9.2)
      multipart-post (>= 1.2, < 3)
    hashdiff (0.2.2)
    minitest (5.8.2)
    minitest-reporters (1.1.4)
      ansi
      builder
      minitest (>= 5.0)
      ruby-progressbar
    multipart-post (2.0.0)
    rake (0.9.6)
    ruby-progressbar (1.7.5)
    safe_yaml (1.0.4)
    webmock (1.22.2)
      addressable (>= 2.3.6)
      crack (>= 0.3.2)
      hashdiff

PLATFORMS
  ruby

DEPENDENCIES
  bundler (~> 1.6)
  minitest
  minitest-reporters
  rake (~> 0)
  truck!
  webmock

BUNDLED WITH
   1.10.6
