PATH
  remote: .
  specs:
    truck (0.0.0)
      faraday (~> 0.9.0)

GEM
  remote: https://rubygems.org/
  specs:
    ansi (1.5.0)
    builder (3.2.2)
    faraday (0.9.2)
      multipart-post (>= 1.2, < 3)
    minitest (5.8.2)
    minitest-reporters (1.1.4)
      ansi
      builder
      minitest (>= 5.0)
      ruby-progressbar
    multipart-post (2.0.0)
    rake (0.9.6)
    ruby-progressbar (1.7.5)

PLATFORMS
  ruby

DEPENDENCIES
  bundler (~> 1.6)
  minitest
  minitest-reporters
  rake (~> 0)
  truck!
